GEM
  remote: https://rubygems.org/
  specs:
    coderay (1.1.1)
    method_source (0.8.2)
    pry (0.10.4)
      coderay (~> 1.1.0)
      method_source (~> 0.8.1)
      slop (~> 3.4)
    puma (3.8.2)
    rack (2.0.1)
    slop (3.6.0)

PLATFORMS
  ruby

DEPENDENCIES
  pry
  puma
  rack

RUBY VERSION
   ruby 2.4.1p111

BUNDLED WITH
   1.14.6
